GEM
  remote: https://rubygems.org/
  specs:
    base64 (0.2.0)
    jwt (2.8.1)
      base64
    mustermann (2.0.2)
      ruby2_keywords (~> 0.0.1)
    rack (2.2.8.1)
    rack-protection (2.2.4)
      rack
    ruby2_keywords (0.0.5)
    sinatra (2.2.4)
      mustermann (~> 2.0)
      rack (~> 2.2)
      rack-protection (= 2.2.4)
      tilt (~> 2.0)
    tilt (2.3.0)

PLATFORMS
  x86_64-darwin-20

DEPENDENCIES
  jwt
  sinatra

BUNDLED WITH
   2.3.26
